GEM
  remote: https://rubygems.org/
  specs:
    activesupport (5.2.0)
      concurrent-ruby (~> 1.0, >= 1.0.2)
      i18n (>= 0.7, < 2)
      minitest (~> 5.1)
      tzinfo (~> 1.1)
    coderay (1.1.2)
    concurrent-ruby (1.0.5)
    graphql (1.8.3)
    graphql-client (0.12.3)
      activesupport (>= 3.0, < 6.0)
      graphql (~> 1.6)
    gruff (0.7.0)
      rmagick (~> 2.13, >= 2.13.4)
    i18n (1.0.1)
      concurrent-ruby (~> 1.0)
    markdown-tables (1.0.2)
    method_source (0.9.0)
    minitest (5.11.3)
    pry (0.11.3)
      coderay (~> 1.1.0)
      method_source (~> 0.9.0)
    rmagick (2.16.0)
    sequel (5.9.0)
    sqlite3 (1.3.13)
    thread_safe (0.3.6)
    tzinfo (1.2.5)
      thread_safe (~> 0.1)

PLATFORMS
  ruby

DEPENDENCIES
  graphql-client
  gruff
  markdown-tables
  pry
  sequel
  sqlite3

BUNDLED WITH
   1.16.2
